GEM
  remote: https://rubygems.org/
  specs:
    archivesspace-client (0.1.3)
      httparty (= 0.14.0)
      json (= 2.0.3)
      nokogiri (= 1.6.8.1)
    coderay (1.1.2)
    httparty (0.14.0)
      multi_xml (>= 0.5.2)
    json (2.0.3)
    method_source (0.9.0)
    mini_portile2 (2.1.0)
    multi_xml (0.6.0)
    nokogiri (1.6.8.1)
      mini_portile2 (~> 2.1.0)
    pry (0.11.2)
      coderay (~> 1.1.0)
      method_source (~> 0.9.0)

PLATFORMS
  ruby

DEPENDENCIES
  archivesspace-client (~> 0.1.2)
  pry

BUNDLED WITH
   1.16.0
